GEM
  remote: https://rubygems.org/
  specs:
    nio4r (2.7.3)
    puma (6.4.3)
      nio4r (~> 2.0)
    rack (3.1.8)

PLATFORMS
  ruby
  x86_64-linux

DEPENDENCIES
  puma
  rack

BUNDLED WITH
   2.5.20
